GEM
  remote: https://rubygems.org/
  specs:
    activesupport (7.0.4.3)
      concurrent-ruby (~> 1.0, >= 1.0.2)
      i18n (>= 1.6, < 2)
      minitest (>= 5.1)
      tzinfo (~> 2.0)
    concurrent-ruby (1.2.2)
    fast_interval_tree (0.2.2)
    geo_coord (0.2.0)
    i18n (1.13.0)
      concurrent-ruby (~> 1.0)
    mini_portile2 (2.4.0)
    minitest (5.18.0)
    multi_range (2.1.1)
      fast_interval_tree (~> 0.2.0)
      roulette-wheel-selection (~> 1.1.1)
    nokogiri (1.10.10)
      mini_portile2 (~> 2.4.0)
    roulette-wheel-selection (1.1.1)
    tzinfo (2.0.6)
      concurrent-ruby (~> 1.0)

PLATFORMS
  x86_64-darwin-20

DEPENDENCIES
  activesupport
  geo_coord
  multi_range
  nokogiri

RUBY VERSION
   ruby 3.0.2p107

BUNDLED WITH
   2.4.13
